GIT
  remote: git://github.com/rubymotion/BubbleWrap.git
  revision: f84735e23b7491b054ab87a94a46921e8be4b0a9
  specs:
    bubble-wrap (1.1.4)

GIT
  remote: git@github.com:clearsightstudio/ProMotion.git
  revision: 9c4d21042a3c4c1288341c9879a70b33d381f083
  specs:
    ProMotion (0.2.0)

GEM
  remote: http://rubygems.org/
  specs:
    activesupport (3.2.8)
      i18n (~> 0.6)
      multi_json (~> 1.0)
    addressable (2.2.8)
    cocoapods (0.15.2)
      activesupport (~> 3.2.6)
      colored (~> 1.2)
      escape (~> 0.0.4)
      faraday (~> 0.8.1)
      json (~> 1.7.3)
      octokit (~> 1.7)
      open4 (~> 1.3.0)
      rake (~> 0.9.0)
      xcodeproj (~> 0.3.5)
    colored (1.2)
    escape (0.0.4)
    faraday (0.8.4)
      multipart-post (~> 1.1)
    faraday_middleware (0.9.0)
      faraday (>= 0.7.4, < 0.9)
    hashie (1.2.0)
    i18n (0.6.1)
    json (1.7.5)
    motion-cocoapods (1.2.1)
      cocoapods (>= 0.14.0)
    multi_json (1.3.6)
    multipart-post (1.1.5)
    octokit (1.18.0)
      addressable (~> 2.2)
      faraday (~> 0.8)
      faraday_middleware (~> 0.8)
      hashie (~> 1.2)
      multi_json (~> 1.3)
    open4 (1.3.0)
    rake (0.9.2.2)
    sugarcube (0.11.3)
    teacup (0.3.12)
      rake
    xcodeproj (0.3.5)
      activesupport (~> 3.2.6)

PLATFORMS
  ruby

DEPENDENCIES
  ProMotion!
  bubble-wrap!
  cocoapods
  motion-cocoapods
  rake
  sugarcube
  teacup
